GEM
  remote: https://rubygems.org/
  specs:
    byebug (11.1.3)
    curses (1.4.0)
    tty-cursor (0.7.1)
    tty-reader (0.9.0)
      tty-cursor (~> 0.7)
      tty-screen (~> 0.8)
      wisper (~> 2.0)
    tty-screen (0.8.1)
    wisper (2.0.1)

PLATFORMS
  ruby
  x86_64-linux

DEPENDENCIES
  byebug
  curses
  tty-reader

BUNDLED WITH
   2.2.25
