GEM
  remote: https://rubygems.org/
  specs:
    curses (1.4.0)
    git (1.7.0)
      rchardet (~> 1.8)
    rchardet (1.8.0)
    tty-cursor (0.7.1)
    tty-reader (0.9.0)
      tty-cursor (~> 0.7)
      tty-screen (~> 0.8)
      wisper (~> 2.0)
    tty-screen (0.8.1)
    wisper (2.0.1)

PLATFORMS
  x86_64-linux

DEPENDENCIES
  curses
  git
  tty-reader

BUNDLED WITH
   2.2.1
